GEM
  remote: https://rubygems.org/
  specs:
    minitest (5.3.4)
    rake (10.3.2)
    test_bisect (0.0.2)
      rake

PLATFORMS
  ruby

DEPENDENCIES
  minitest
  test_bisect
