GEM
  remote: https://rubygems.org/
  specs:
    rake (10.3.2)
    test_bisect (0.0.2)
      rake

PLATFORMS
  ruby

DEPENDENCIES
  test_bisect
